GEM
  remote: http://rubygems.org/
  specs:
    ae (1.8.2)
      ansi
    ansi (1.5.0)
    ast (2.4.2)
    brass (1.2.1)
    diff-lcs (1.5.1)
    docile (1.4.1)
    gem-release (2.2.2)
    json (2.7.2)
    language_server-protocol (3.17.0.3)
    parallel (1.26.3)
    parser (3.3.5.0)
      ast (~> 2.4.1)
      racc
    pippi (0.0.14)
    qed (2.9.2)
      ansi
      brass
    racc (1.8.1)
    rainbow (3.1.1)
    rake (13.2.1)
    regexp_parser (2.9.2)
    rexml (3.3.9)
    rspec (3.13.0)
      rspec-core (~> 3.13.0)
      rspec-expectations (~> 3.13.0)
      rspec-mocks (~> 3.13.0)
    rspec-core (3.13.1)
      rspec-support (~> 3.13.0)
    rspec-expectations (3.13.3)
      diff-lcs (>= 1.2.0, < 2.0)
      rspec-support (~> 3.13.0)
    rspec-mocks (3.13.2)
      diff-lcs (>= 1.2.0, < 2.0)
      rspec-support (~> 3.13.0)
    rspec-support (3.13.1)
    rubocop (1.67.0)
      json (~> 2.3)
      language_server-protocol (>= 3.17.0)
      parallel (~> 1.10)
      parser (>= 3.3.0.2)
      rainbow (>= 2.2.2, < 4.0)
      regexp_parser (>= 2.4, < 3.0)
      rubocop-ast (>= 1.32.2, < 2.0)
      ruby-progressbar (~> 1.7)
      unicode-display_width (>= 2.4.0, < 3.0)
    rubocop-ast (1.32.3)
      parser (>= 3.3.1.0)
    rubocop-performance (1.22.1)
      rubocop (>= 1.48.1, < 2.0)
      rubocop-ast (>= 1.31.1, < 2.0)
    rubocop-rake (0.6.0)
      rubocop (~> 1.0)
    rubocop-rspec (3.1.0)
      rubocop (~> 1.61)
    ruby-progressbar (1.13.0)
    simplecov (0.22.0)
      docile (~> 1.1)
      simplecov-html (~> 0.11)
      simplecov_json_formatter (~> 0.1)
    simplecov-cobertura (2.1.0)
      rexml
      simplecov (~> 0.19)
    simplecov-console (0.9.2)
      ansi
      simplecov
      terminal-table
    simplecov-html (0.13.1)
    simplecov_json_formatter (0.1.4)
    terminal-table (3.0.2)
      unicode-display_width (>= 1.1.1, < 3)
    unicode-display_width (2.6.0)

PLATFORMS
  arm64-darwin-23
  ruby

DEPENDENCIES
  ae
  gem-release
  pippi
  qed
  rake
  rexml
  rspec
  rubocop (~> 1.66)
  rubocop-performance
  rubocop-rake
  rubocop-rspec
  simplecov
  simplecov-cobertura
  simplecov-console

BUNDLED WITH
   2.5.22
